PATH
  remote: .
  specs:
    plan_retention (0.1.0)

GEM
  remote: https://rubygems.org/
  specs:
    minitest (5.14.1)
    rake (12.3.3)

PLATFORMS
  ruby

DEPENDENCIES
  minitest (~> 5.0)
  plan_retention!
  rake (~> 12.0)

BUNDLED WITH
   2.1.2
